GEM
  remote: https://rubygems.org/
  specs:
    activemodel (7.1.1)
      activesupport (= 7.1.1)
    activerecord (7.1.1)
      activemodel (= 7.1.1)
      activesupport (= 7.1.1)
      timeout (>= 0.4.0)
    activesupport (7.1.1)
      base64
      bigdecimal
      concurrent-ruby (~> 1.0, >= 1.0.2)
      connection_pool (>= 2.2.5)
      drb
      i18n (>= 1.6, < 2)
      minitest (>= 5.1)
      mutex_m
      tzinfo (~> 2.0)
    aes_key_wrap (1.1.0)
    base64 (0.1.1)
    bigdecimal (3.1.4)
    bindata (2.4.15)
    concurrent-ruby (1.2.2)
    connection_pool (2.4.1)
    daemon-spawn (0.4.2)
    daemons (1.4.1)
    debug (1.8.0)
      irb (>= 1.5.0)
      reline (>= 0.3.1)
    dotenv (2.8.1)
    drb (2.1.1)
      ruby2_keywords
    ecdsa (1.2.0)
    eventmachine (1.2.7)
    eventmachine_httpserver (0.2.1)
    faraday (2.7.11)
      base64
      faraday-net_http (>= 2.0, < 3.1)
      ruby2_keywords (>= 0.0.4)
    faraday-follow_redirects (0.3.0)
      faraday (>= 1, < 3)
    faraday-net_http (3.0.2)
    ffi (1.16.3)
    i18n (1.14.1)
      concurrent-ruby (~> 1.0)
    iniparse (1.5.0)
    io-console (0.6.0)
    irb (1.8.3)
      rdoc
      reline (>= 0.3.8)
    json-jwt (1.16.3)
      activesupport (>= 4.2)
      aes_key_wrap
      bindata
      faraday (~> 2.0)
      faraday-follow_redirects
    json_pure (2.6.3)
    leb128 (1.0.0)
    minitest (5.20.0)
    murmurhash3 (0.1.7)
    mutex_m (0.1.2)
    psych (5.1.1.1)
      stringio
    rdoc (6.5.0)
      psych (>= 4.0.0)
    reline (0.3.9)
      io-console (~> 0.5)
    ruby2_keywords (0.0.5)
    siphash (0.0.1)
    sqlite3 (1.6.7-arm64-darwin)
    stringio (3.0.8)
    tapyrus (0.3.4)
      activesupport (>= 5.2.3)
      daemon-spawn
      ecdsa
      eventmachine
      eventmachine_httpserver
      ffi
      iniparse
      json_pure (>= 2.3.1)
      leb128 (~> 1.0.0)
      murmurhash3
      siphash
      terminal-table (~> 3.0.2)
      thor
    terminal-table (3.0.2)
      unicode-display_width (>= 1.1.1, < 3)
    thor (1.3.0)
    timeout (0.4.0)
    tzinfo (2.0.6)
      concurrent-ruby (~> 1.0)
    unicode-display_width (2.5.0)

PLATFORMS
  arm64-darwin-22
  arm64-darwin-23

DEPENDENCIES
  activerecord
  daemons
  debug
  dotenv
  json-jwt
  sqlite3
  tapyrus
  thor

RUBY VERSION
   ruby 3.2.2p53

BUNDLED WITH
   2.4.10
